GEM
  remote: https://rubygems.org/
  specs:
    cinch (2.3.4)
    mkfifo (0.1.1)

PLATFORMS
  ruby

DEPENDENCIES
  cinch
  mkfifo

BUNDLED WITH
   1.11.2
