GEM
  remote: https://rubygems.org/
  specs:
    cinch (2.3.4)
    mkfifo (0.1.1)
    rack (2.0.6)

PLATFORMS
  ruby

DEPENDENCIES
  cinch
  mkfifo
  rack (~> 2.0.6)

BUNDLED WITH
   1.16.1
