GEM
  remote: https://rubygems.org/
  specs:
    cinch (2.3.4)
    mkfifo (0.1.1)
    rack (2.0.3)

PLATFORMS
  ruby

DEPENDENCIES
  cinch
  mkfifo
  rack

BUNDLED WITH
   1.12.5
