GEM
  remote: https://rubygems.org/
  specs:
    cinch (2.3.4)
    rack (2.2.11)

PLATFORMS
  ruby

DEPENDENCIES
  cinch
  rack (>= 2.0.8)

BUNDLED WITH
   2.1.4
